GEM
  remote: https://rubygems.org/
  specs:
    docile (1.1.5)
    json (1.8.3)
    minitest (5.5.1)
    rake (10.1.0)
    rmagick (2.15.4)
    simplecov (0.11.1)
      docile (~> 1.1.0)
      json (~> 1.8)
      simplecov-html (~> 0.10.0)
    simplecov-html (0.10.0)
    yard (0.9.8)

PLATFORMS
  ruby

DEPENDENCIES
  minitest
  rake
  rmagick
  simplecov
  yard

BUNDLED WITH
   1.13.6
